GEM
  remote: http://gems.github.com/
  remote: http://rubygems.org/
  specs:
    akami (1.2.2)
      gyoku (>= 0.4.0)
      nokogiri
    ast (2.0.0)
    builder (3.2.2)
    childprocess (0.5.3)
      ffi (~> 1.0, >= 1.0.11)
    coderay (1.1.0)
    commonwatir (4.0.0)
    cucumber (1.2.5)
      builder (>= 2.1.2)
      diff-lcs (>= 1.1.3)
      gherkin (~> 2.11.7)
      multi_json (~> 1.3)
    data_magic (0.18)
      faker (>= 1.1.2)
      yml_reader (>= 0.2)
    diff-lcs (1.1.3)
    faker (1.3.0)
      i18n (~> 0.5)
    ffi (1.9.0-x86-mingw32)
    gherkin (2.11.8-x86-mingw32)
      multi_json (~> 1.3)
    gyoku (0.4.6)
      builder (>= 2.1.2)
    headless (1.0.1)
    hoe (3.12.0)
      rake (>= 0.8, < 11.0)
    httparty (0.13.1)
      json (~> 1.8)
      multi_xml (>= 0.5.2)
    httpi (1.1.1)
      rack
    i18n (0.6.9)
    json (1.8.1)
    method_source (0.8.2)
    mini_magick (3.5.0)
      subexec (~> 0.2.1)
    mini_portile (0.5.3)
    multi_json (1.9.2)
    multi_xml (0.5.5)
    nokogiri (1.6.2.rc2-x86-mingw32)
      mini_portile (~> 0.5.2)
    nori (1.1.5)
    page-object (0.9.8)
      page_navigation (>= 0.9)
      selenium-webdriver (>= 2.40.0)
      watir-webdriver (>= 0.6.8)
    page_navigation (0.9)
      data_magic (>= 0.14)
    parser (2.1.9)
      ast (>= 1.1, < 3.0)
      slop (~> 3.4, >= 3.4.5)
    powerpack (0.0.9)
    pry (0.9.12.6-x86-mingw32)
      coderay (~> 1.0)
      method_source (~> 0.8)
      slop (~> 3.4)
      win32console (~> 1.3)
    rack (1.5.2)
    rainbow (2.0.0)
    rake (10.3.1)
    rautomation (0.14.1)
      ffi (= 1.9.0)
    rspec (2.11.0)
      rspec-core (~> 2.11.0)
      rspec-expectations (~> 2.11.0)
      rspec-mocks (~> 2.11.0)
    rspec-core (2.11.1)
    rspec-expectations (2.11.3)
      diff-lcs (~> 1.1.3)
    rspec-mocks (2.11.3)
    rubocop (0.21.0)
      json (>= 1.7.7, < 2)
      parser (~> 2.1.9)
      powerpack (~> 0.0.6)
      rainbow (>= 1.99.1, < 3.0)
      ruby-progressbar (~> 1.4)
    ruby-progressbar (1.4.2)
    rubyzip (1.1.3)
    s4t-utils (1.0.4)
      hoe (>= 1.3.0)
    savon (1.2.0)
      akami (~> 1.2.0)
      builder (>= 2.1.2)
      gyoku (~> 0.4.5)
      httpi (~> 1.1.0)
      nokogiri (>= 1.4.0)
      nori (~> 1.1.0)
      wasabi (~> 2.5.0)
    selenium-webdriver (2.41.0)
      childprocess (>= 0.5.0)
      multi_json (~> 1.0)
      rubyzip (~> 1.0)
      websocket (~> 1.0.4)
    slop (3.5.0)
    subexec (0.2.3)
    user-choices (1.1.6.1)
      builder (>= 2.1.2)
      s4t-utils (>= 1.0.3)
      xml-simple (>= 1.0.11)
    wasabi (2.5.1)
      httpi (~> 1.0)
      nokogiri (>= 1.4.0)
    watir (4.0.2-x86-mingw32)
      commonwatir (~> 4)
      watir-classic (~> 3.2)
      watir-webdriver
    watir-classic (3.7.0)
      ffi (~> 1.0)
      multi_json
      nokogiri (>= 1.5.7.rc3)
      rautomation (~> 0.7)
      user-choices
      win32-process (>= 0.5.5)
      win32screenshot
      windows-pr (>= 0.6.6)
    watir-webdriver (0.6.9)
      selenium-webdriver (>= 2.18.0)
    websocket (1.0.7)
    win32-api (1.5.1-x86-mingw32)
    win32-process (0.7.4)
      ffi (>= 1.0.0)
    win32console (1.3.2-x86-mingw32)
    win32screenshot (1.0.10)
      ffi (~> 1.0)
      mini_magick (~> 3.5.0)
      rautomation (~> 0.7)
    windows-api (0.4.2)
      win32-api (>= 1.4.5)
    windows-pr (1.2.3)
      win32-api (>= 1.4.5)
      windows-api (>= 0.4.0)
    xml-simple (1.1.3)
    yml_reader (0.2)

PLATFORMS
  x86-mingw32

DEPENDENCIES
  cucumber (~> 1.2.1)
  headless
  httparty
  page-object
  pry
  rake
  rspec (~> 2.11.0)
  rubocop
  savon (~> 1.2.0)
  watir (~> 4.0.0)
